GIT
  remote: https://github.com/yycruby/RTanque
  revision: a9fe9f032571f28d6a2e2fac878bae5a210c1b0e
  specs:
    rtanque (0.1.2)
      configuration (~> 1.3.2)
      gosu (~> 0.12.1)
      octokit (~> 2.7.0)
      texplay (>= 0.4.4pre)
      thor (~> 0.17.0)

GEM
  remote: https://rubygems.org/
  specs:
    addressable (2.3.8)
    configuration (1.3.4)
    faraday (0.9.2)
      multipart-post (>= 1.2, < 3)
    gosu (0.12.1)
    multipart-post (2.0.0)
    octokit (2.7.2)
      sawyer (~> 0.5.2)
    sawyer (0.5.5)
      addressable (~> 2.3.5)
      faraday (~> 0.8, < 0.10)
    texplay (0.4.4.pre)
      gosu (>= 0.7.25)
    thor (0.17.0)

PLATFORMS
  ruby

DEPENDENCIES
  rtanque!

BUNDLED WITH
   1.16.0
